GEM
  remote: https://rubygems.org/
  specs:
    RubyInline (3.12.2)
      ZenTest (~> 4.3)
    ZenTest (4.9.5)
    nzb (0.2.1)
    parseconfig (1.0.2)
    speedometer (0.0.2)

PLATFORMS
  ruby

DEPENDENCIES
  RubyInline
  nzb (>= 0.2.1)
  parseconfig
  speedometer (>= 0.0.2)
