GEM
  remote: https://rubygems.org/
  specs:
    nzb (0.2.2)
    parseconfig (1.0.6)
    rake (10.3.2)
    rake-compiler (0.9.3)
      rake
    speedometer (0.1.2)

PLATFORMS
  ruby

DEPENDENCIES
  nzb (>= 0.2.2)
  parseconfig (~> 1.0)
  rake
  rake-compiler
  speedometer (>= 0.1.2)
