GEM
  remote: https://rubygems.org/
  specs:
    RubyInline (3.12.3)
      ZenTest (~> 4.3)
    ZenTest (4.10.1)
    nzb (0.2.2)
    parseconfig (1.0.4)
    speedometer (0.0.5)
    vmstat (2.1.0)

PLATFORMS
  ruby

DEPENDENCIES
  RubyInline
  nzb (>= 0.2.2)
  parseconfig
  speedometer (>= 0.0.5)
  vmstat (= 2.1.0)
